GEM
  remote: http://rubygems.org/
  specs:
    bson (1.9.2)
    bson_ext (1.9.2)
      bson (~> 1.9.2)
    confstruct (0.2.5)
    json (1.8.1)
    mongo (1.9.2)
      bson (~> 1.9.2)
    rack (1.5.2)
    rack-protection (1.5.1)
      rack
    sinatra (1.4.4)
      rack (~> 1.4)
      rack-protection (~> 1.4)
      tilt (~> 1.3, >= 1.3.4)
    sinatra-mongo (0.1.0)
      mongo
      sinatra (>= 0.9.4)
    tilt (1.4.1)
    tokenizer (0.1.1)

PLATFORMS
  ruby

DEPENDENCIES
  bson_ext
  confstruct
  json
  rack
  sinatra
  sinatra-mongo
  tokenizer
